GEM
  remote: https://rubygems.org/
  specs:
    activemodel (6.0.0)
      activesupport (= 6.0.0)
    activerecord (6.0.0)
      activemodel (= 6.0.0)
      activesupport (= 6.0.0)
    activesupport (6.0.0)
      concurrent-ruby (~> 1.0, >= 1.0.2)
      i18n (>= 0.7, < 2)
      minitest (~> 5.1)
      tzinfo (~> 1.1)
      zeitwerk (~> 2.1, >= 2.1.8)
    backports (3.15.0)
    concurrent-ruby (1.1.5)
    dotenv (2.7.5)
    i18n (1.6.0)
      concurrent-ruby (~> 1.0)
    minitest (5.11.3)
    multi_json (1.13.1)
    mustermann (1.0.3)
    pg (1.1.4)
    rack (2.0.7)
    rack-contrib (2.1.0)
      rack (~> 2.0)
    rack-parser (0.7.0)
      rack
    rack-protection (2.0.7)
      rack
    rake (12.3.3)
    sinatra (2.0.7)
      mustermann (~> 1.0)
      rack (~> 2.0)
      rack-protection (= 2.0.7)
      tilt (~> 2.0)
    sinatra-activerecord (2.0.14)
      activerecord (>= 3.2)
      sinatra (>= 1.0)
    sinatra-contrib (2.0.7)
      backports (>= 2.8.2)
      multi_json
      mustermann (~> 1.0)
      rack-protection (= 2.0.7)
      sinatra (= 2.0.7)
      tilt (~> 2.0)
    thread_safe (0.3.6)
    tilt (2.0.9)
    tzinfo (1.2.5)
      thread_safe (~> 0.1)
    zeitwerk (2.1.10)

PLATFORMS
  ruby

DEPENDENCIES
  dotenv
  pg
  rack
  rack-contrib
  rack-parser
  rake
  sinatra
  sinatra-activerecord
  sinatra-contrib

RUBY VERSION
   ruby 2.6.3p62

BUNDLED WITH
   2.0.2
